GIT
  remote: https://github.com/SFEley/sinatra-flash.git
  revision: 9060a9c022327ff53cc1971c363fe0ca0d9b262d
  specs:
    sinatra-flash (0.3.0)
      sinatra (>= 1.0.0)

GEM
  remote: https://rubygems.org/
  specs:
    activesupport (4.2.1)
      i18n (~> 0.7)
      json (~> 1.7, >= 1.7.7)
      minitest (~> 5.1)
      thread_safe (~> 0.3, >= 0.3.4)
      tzinfo (~> 1.1)
    addressable (2.3.8)
    bcrypt (3.1.10)
    bcrypt-ruby (3.1.5)
      bcrypt (>= 3.1.3)
    capistrano (3.4.0)
      i18n
      rake (>= 10.0.0)
      sshkit (~> 1.3)
    chartkick (1.3.2)
    colorize (0.7.5)
    data_mapper (1.2.0)
      dm-aggregates (~> 1.2.0)
      dm-constraints (~> 1.2.0)
      dm-core (~> 1.2.0)
      dm-migrations (~> 1.2.0)
      dm-serializer (~> 1.2.0)
      dm-timestamps (~> 1.2.0)
      dm-transactions (~> 1.2.0)
      dm-types (~> 1.2.0)
      dm-validations (~> 1.2.0)
    data_objects (0.10.15)
      addressable (~> 2.1)
    dm-aggregates (1.2.0)
      dm-core (~> 1.2.0)
    dm-constraints (1.2.0)
      dm-core (~> 1.2.0)
    dm-core (1.2.1)
      addressable (~> 2.3)
    dm-do-adapter (1.2.0)
      data_objects (~> 0.10.6)
      dm-core (~> 1.2.0)
    dm-migrations (1.2.0)
      dm-core (~> 1.2.0)
    dm-postgres-adapter (1.2.0)
      dm-do-adapter (~> 1.2.0)
      do_postgres (~> 0.10.6)
    dm-serializer (1.2.2)
      dm-core (~> 1.2.0)
      fastercsv (~> 1.5)
      json (~> 1.6)
      json_pure (~> 1.6)
      multi_json (~> 1.0)
    dm-timestamps (1.2.0)
      dm-core (~> 1.2.0)
    dm-transactions (1.2.0)
      dm-core (~> 1.2.0)
    dm-types (1.2.2)
      bcrypt-ruby (~> 3.0)
      dm-core (~> 1.2.0)
      fastercsv (~> 1.5)
      json (~> 1.6)
      multi_json (~> 1.0)
      stringex (~> 1.4)
      uuidtools (~> 2.1)
    dm-validations (1.2.0)
      dm-core (~> 1.2.0)
    do_postgres (0.10.15)
      data_objects (= 0.10.15)
    fastercsv (1.5.5)
    groupdate (2.4.0)
      activesupport (>= 3)
    i18n (0.7.0)
    json (1.8.2)
    json_pure (1.8.2)
    minitest (5.5.1)
    multi_json (1.11.0)
    net-scp (1.2.1)
      net-ssh (>= 2.6.5)
    net-ssh (2.9.2)
    pg (0.18.1)
    puma (2.11.1)
      rack (>= 1.1, < 2.0)
    rack (1.6.0)
    rack-flash (0.1.2)
      rack
    rack-protection (1.5.3)
      rack
    rake (10.4.2)
    rufus-tokyo (1.0.7)
    sinatra (1.4.6)
      rack (~> 1.4)
      rack-protection (~> 1.4)
      tilt (>= 1.3, < 3)
    sinatra-authentication (0.4.1)
      dm-core
      dm-migrations
      dm-timestamps
      dm-validations
      rack-flash
      rufus-tokyo
      sinatra
      sinbook
    sinbook (0.1.9)
      yajl-ruby
    sshkit (1.7.1)
      colorize (>= 0.7.0)
      net-scp (>= 1.1.2)
      net-ssh (>= 2.8.0)
    stringex (1.5.1)
    thread_safe (0.3.5)
    tilt (2.0.1)
    tzinfo (1.2.2)
      thread_safe (~> 0.1)
    uuidtools (2.1.5)
    yajl-ruby (1.2.1)

PLATFORMS
  ruby

DEPENDENCIES
  capistrano
  chartkick
  data_mapper
  dm-core
  dm-postgres-adapter
  groupdate
  pg
  puma
  sinatra
  sinatra-authentication
  sinatra-flash!
